GEM
  remote: https://rubygems.org/
  specs:
    sorbet (0.6.12565)
      sorbet-static (= 0.6.12565)
    sorbet-runtime (0.6.12565)
    sorbet-static (0.6.12565-aarch64-linux)
    sorbet-static (0.6.12565-universal-darwin)
    sorbet-static (0.6.12565-x86_64-linux)

PLATFORMS
  aarch64-linux
  universal-darwin
  x86_64-linux

DEPENDENCIES
  sorbet
  sorbet-runtime

BUNDLED WITH
   2.7.2
